GEM
  remote: https://rubygems.org/
  specs:
    cgi (0.3.6)
    date (3.3.3)
    erb (4.0.2)
      cgi (>= 0.3.3)
    time (0.2.2)
      date
    webrick (1.8.1)

PLATFORMS
  ruby

DEPENDENCIES
  erb (~> 4.0, >= 4.0.2)
  time
  webrick (~> 1.8, >= 1.8.1)

BUNDLED WITH
   2.3.7
